GEM
  remote: https://rubygems.org/
  specs:
    addressable (2.8.7)
      public_suffix (>= 2.0.2, < 7.0)
    ast (2.4.2)
    bigdecimal (3.1.8)
    coderay (1.1.3)
    colorator (1.1.0)
    concurrent-ruby (1.3.4)
    dotenv (3.1.4)
    em-websocket (0.5.3)
      eventmachine (>= 0.12.9)
      http_parser.rb (~> 0)
    eventmachine (1.2.7)
    ffi (1.17.0)
    ffi (1.17.0-aarch64-linux-gnu)
    ffi (1.17.0-aarch64-linux-musl)
    ffi (1.17.0-arm-linux-gnu)
    ffi (1.17.0-arm-linux-musl)
    ffi (1.17.0-arm64-darwin)
    ffi (1.17.0-x86-linux-gnu)
    ffi (1.17.0-x86-linux-musl)
    ffi (1.17.0-x86_64-darwin)
    ffi (1.17.0-x86_64-linux-gnu)
    ffi (1.17.0-x86_64-linux-musl)
    forwardable-extended (2.6.0)
    google-protobuf (4.28.2)
      bigdecimal
      rake (>= 13)
    google-protobuf (4.28.2-aarch64-linux)
      bigdecimal
      rake (>= 13)
    google-protobuf (4.28.2-arm64-darwin)
      bigdecimal
      rake (>= 13)
    google-protobuf (4.28.2-x86-linux)
      bigdecimal
      rake (>= 13)
    google-protobuf (4.28.2-x86_64-darwin)
      bigdecimal
      rake (>= 13)
    google-protobuf (4.28.2-x86_64-linux)
      bigdecimal
      rake (>= 13)
    http_parser.rb (0.8.0)
    i18n (1.14.6)
      concurrent-ruby (~> 1.0)
    jekyll (4.3.4)
      addressable (~> 2.4)
      colorator (~> 1.0)
      em-websocket (~> 0.5)
      i18n (~> 1.0)
      jekyll-sass-converter (>= 2.0, < 4.0)
      jekyll-watch (~> 2.0)
      kramdown (~> 2.3, >= 2.3.1)
      kramdown-parser-gfm (~> 1.0)
      liquid (~> 4.0)
      mercenary (>= 0.3.6, < 0.5)
      pathutil (~> 0.9)
      rouge (>= 3.0, < 5.0)
      safe_yaml (~> 1.0)
      terminal-table (>= 1.8, < 4.0)
      webrick (~> 1.7)
    jekyll-sass-converter (3.0.0)
      sass-embedded (~> 1.54)
    jekyll-watch (2.2.1)
      listen (~> 3.0)
    kramdown (2.4.0)
      rexml
    kramdown-parser-gfm (1.1.0)
      kramdown (~> 2.0)
    language_server-protocol (3.17.0.3)
    liquid (4.0.4)
    listen (3.9.0)
      rb-fsevent (~> 0.10, >= 0.10.3)
      rb-inotify (~> 0.9, >= 0.9.10)
    logger (1.6.1)
    mercenary (0.4.0)
    method_source (1.1.0)
    mini_magick (4.13.2)
    parser (2.7.2.0)
      ast (~> 2.4.1)
    pathutil (0.16.2)
      forwardable-extended (~> 2.6)
    powerpack (0.1.3)
    prism (1.1.0)
    pry (0.14.2)
      coderay (~> 1.1)
      method_source (~> 1.0)
    public_suffix (6.0.1)
    rack (1.6.13)
    rack-protection (1.5.5)
      rack
    rainbow (2.2.2)
      rake
    rake (13.2.1)
    rb-fsevent (0.11.2)
    rb-inotify (0.11.1)
      ffi (~> 1.0)
    rbs (3.6.1)
      logger
    rexml (3.3.8)
    rouge (4.4.0)
    rubocop (0.36.0)
      parser (>= 2.3.0.0, < 3.0)
      powerpack (~> 0.1)
      rainbow (>= 1.99.1, < 3.0)
      ruby-progressbar (~> 1.7)
    ruby-lsp (0.19.1)
      language_server-protocol (~> 3.17.0)
      prism (>= 1.1, < 2.0)
      rbs (>= 3, < 4)
      sorbet-runtime (>= 0.5.10782)
    ruby-progressbar (1.13.0)
    safe_yaml (1.0.5)
    sass-embedded (1.79.4)
      google-protobuf (~> 4.27)
      rake (>= 13)
    sass-embedded (1.79.4-aarch64-linux-android)
      google-protobuf (~> 4.27)
    sass-embedded (1.79.4-aarch64-linux-gnu)
      google-protobuf (~> 4.27)
    sass-embedded (1.79.4-aarch64-linux-musl)
      google-protobuf (~> 4.27)
    sass-embedded (1.79.4-aarch64-mingw-ucrt)
      google-protobuf (~> 4.27)
    sass-embedded (1.79.4-arm-linux-androideabi)
      google-protobuf (~> 4.27)
    sass-embedded (1.79.4-arm-linux-gnueabihf)
      google-protobuf (~> 4.27)
    sass-embedded (1.79.4-arm-linux-musleabihf)
      google-protobuf (~> 4.27)
    sass-embedded (1.79.4-arm64-darwin)
      google-protobuf (~> 4.27)
    sass-embedded (1.79.4-riscv64-linux-android)
      google-protobuf (~> 4.27)
    sass-embedded (1.79.4-riscv64-linux-gnu)
      google-protobuf (~> 4.27)
    sass-embedded (1.79.4-riscv64-linux-musl)
      google-protobuf (~> 4.27)
    sass-embedded (1.79.4-x86-cygwin)
      google-protobuf (~> 4.27)
    sass-embedded (1.79.4-x86-linux-android)
      google-protobuf (~> 4.27)
    sass-embedded (1.79.4-x86-linux-gnu)
      google-protobuf (~> 4.27)
    sass-embedded (1.79.4-x86-linux-musl)
      google-protobuf (~> 4.27)
    sass-embedded (1.79.4-x86-mingw-ucrt)
      google-protobuf (~> 4.27)
    sass-embedded (1.79.4-x86_64-cygwin)
      google-protobuf (~> 4.27)
    sass-embedded (1.79.4-x86_64-darwin)
      google-protobuf (~> 4.27)
    sass-embedded (1.79.4-x86_64-linux-android)
      google-protobuf (~> 4.27)
    sass-embedded (1.79.4-x86_64-linux-gnu)
      google-protobuf (~> 4.27)
    sass-embedded (1.79.4-x86_64-linux-musl)
      google-protobuf (~> 4.27)
    sinatra (1.4.8)
      rack (~> 1.5)
      rack-protection (~> 1.4)
      tilt (>= 1.3, < 3)
    solargraph (0.10.3)
      parser (~> 2.4)
      sinatra (~> 1.4)
      thor (~> 0.19, >= 0.19.4)
      yard (~> 0.9)
    sorbet-runtime (0.5.11597)
    terminal-table (3.0.2)
      unicode-display_width (>= 1.1.1, < 3)
    thor (0.20.3)
    tilt (1.4.1)
    unicode-display_width (2.6.0)
    webrick (1.8.2)
    yard (0.9.37)

PLATFORMS
  aarch64-linux
  aarch64-linux-android
  aarch64-linux-gnu
  aarch64-linux-musl
  aarch64-mingw-ucrt
  arm-linux-androideabi
  arm-linux-gnu
  arm-linux-gnueabihf
  arm-linux-musl
  arm-linux-musleabihf
  arm64-darwin
  riscv64-linux-android
  riscv64-linux-gnu
  riscv64-linux-musl
  ruby
  x86-cygwin
  x86-linux
  x86-linux-android
  x86-linux-gnu
  x86-linux-musl
  x86-mingw-ucrt
  x86_64-cygwin
  x86_64-darwin
  x86_64-linux
  x86_64-linux-android
  x86_64-linux-gnu
  x86_64-linux-musl

DEPENDENCIES
  dotenv
  http_parser.rb (~> 0.6.0)
  jekyll (~> 4.3.4)
  mini_magick
  pry
  rubocop
  ruby-lsp
  solargraph
  tzinfo (>= 1, < 3)
  tzinfo-data
  wdm (~> 0.1)

BUNDLED WITH
   2.5.21
